GIT
  remote: git://github.com/cjcolvar/felixwrapper.git
  revision: 4bf68e742910157de8e82291aaf34c9764085a79
  specs:
    felixwrapper (0.0.1)
      activesupport (~> 3.2.3)
      childprocess
      i18n
      logger
      mediashelf-loggable

GIT
  remote: git://github.com/cjcolvar/omniauth-cas.git
  revision: 972ded584cbb44e8cb25469836a1253174ed95aa
  specs:
    omniauth-cas (0.0.7)
      addressable (~> 2.2)
      nokogiri (~> 1.5)
      omniauth (~> 1.1.0)

GIT
  remote: git://github.com/cjcolvar/red5wrapper.git
  revision: baaa7f9c9c0808b737991ba74908f08b254b4879
  specs:
    red5wrapper (0.0.1)
      activesupport (~> 3.2.3)
      childprocess
      i18n
      logger
      mediashelf-loggable

GIT
  remote: git://github.com/projectblacklight/blacklight.git
  revision: 057981a606c660b6dde6e879b19a2062345ef23e
  branch: bootstrap
  specs:
    blacklight (3.7.2)
      bootstrap-sass (~> 2.1.0)
      kaminari (~> 0.13)
      marc (>= 0.4.3, < 1.1)
      nokogiri (~> 1.5)
      rails (~> 3.1)
      rsolr (~> 1.0.6)
      rsolr-ext (~> 1.0.3)
      sass-rails
      unicode

GIT
  remote: git://github.com/projecthydra/hydra-head.git
  revision: 9fb64100d94f38b85d524c7fd47ca89766069b57
  branch: master
  specs:
    hydra-access-controls (5.0.0.pre10)
      active-fedora
      activesupport
      blacklight
      cancan
      deprecation
    hydra-core (5.0.0.pre10)
      RedCloth (= 4.2.9)
      active-fedora (~> 5.0.0.rc1)
      blacklight (~> 3.4)
      block_helpers
      deprecation (>= 0.0.5)
      devise
      hydra-access-controls (= 5.0.0.pre10)
      hydra-mods (>= 0.0.6)
      jquery-rails
      rails (~> 3.2.3)
      sanitize
    hydra-file-access (5.0.0.pre10)
      RedCloth (= 4.2.9)
      active-fedora
      blacklight (~> 3.4)
      block_helpers
      deprecation (>= 0.0.5)
      devise
      hydra-core (= 5.0.0.pre10)
      hydra-mods (>= 0.0.5)
      rails (~> 3.2.3)
      sanitize
    hydra-head (5.0.0.pre10)
      hydra-access-controls (= 5.0.0.pre10)
      hydra-core (= 5.0.0.pre10)
      rails (>= 3.2.6)

GIT
  remote: git://github.com/projecthydra/om.git
  revision: 4454f9f31ebefff1e336a52a1d9fb6bf1ab6b8ad
  specs:
    om (1.7.0)
      activemodel
      activesupport
      mediashelf-loggable
      nokogiri (>= 1.4.2)

GIT
  remote: git://github.com/variations-on-video/hydrant-engage.git
  revision: 808e302da402f08664be2d8170ea6ecae2e6e5e5
  specs:
    hydrant-engage (0.0.1)
      less-rails (~> 2.2.3)

GIT
  remote: git://github.com/variations-on-video/rubyhorn.git
  revision: 5151ee7345d6fe3ed7cfa6f2101bcd376b903862
  specs:
    rubyhorn (0.0.4)
      activesupport
      json
      mime-types
      multipart-post
      net-http-digest_auth
      om

GIT
  remote: git://github.com/variations-on-video/twitter_bootstrap_form_for.git
  revision: 4268432d4da912004551dad5d56e05e0a7d88af6
  branch: bootstrap-2.0
  specs:
    twitter_bootstrap_form_for (2.0.1.0.rc2)
      actionpack (~> 3)
      railties (~> 3)

GEM
  remote: http://rubygems.org/
  specs:
    RedCloth (4.2.9)
    actionmailer (3.2.8)
      actionpack (= 3.2.8)
      mail (~> 2.4.4)
    actionpack (3.2.8)
      activemodel (= 3.2.8)
      activesupport (= 3.2.8)
      builder (~> 3.0.0)
      erubis (~> 2.7.0)
      journey (~> 1.0.4)
      rack (~> 1.4.0)
      rack-cache (~> 1.2)
      rack-test (~> 0.6.1)
      sprockets (~> 2.1.3)
    active-fedora (5.0.0.rc1)
      activeresource (>= 3.0.0)
      activesupport (>= 3.0.0)
      builder (~> 3.0.0)
      deprecation
      equivalent-xml
      mediashelf-loggable
      om (~> 1.7.0.rc2)
      rdf
      rdf-rdfxml (~> 0.3.8)
      rsolr
      rubydora (~> 0.5.13)
      solrizer (~> 2.0.0.rc1)
    activemodel (3.2.8)
      activesupport (= 3.2.8)
      builder (~> 3.0.0)
    activerecord (3.2.8)
      activemodel (= 3.2.8)
      activesupport (= 3.2.8)
      arel (~> 3.0.2)
      tzinfo (~> 0.3.29)
    activeresource (3.2.8)
      activemodel (= 3.2.8)
      activesupport (= 3.2.8)
    activesupport (3.2.8)
      i18n (~> 0.6)
      multi_json (~> 1.0)
    addressable (2.3.2)
    akami (1.2.0)
      gyoku (>= 0.4.0)
      nokogiri (>= 1.4.0)
    arel (3.0.2)
    bcrypt-ruby (3.0.1)
    block_helpers (0.3.3)
      activesupport (>= 2.0)
    bootstrap-sass (2.1.0.1)
    builder (3.0.4)
    cancan (1.6.8)
    capistrano (2.12.0)
      highline
      net-scp (>= 1.0.0)
      net-sftp (>= 2.0.0)
      net-ssh (>= 2.0.14)
      net-ssh-gateway (>= 1.1.0)
    capistrano-unicorn (0.1.6)
      capistrano
    capybara (1.1.3)
      mime-types (>= 1.16)
      nokogiri (>= 1.3.3)
      rack (>= 1.0.0)
      rack-test (>= 0.5.4)
      selenium-webdriver (~> 2.0)
      xpath (~> 0.1.4)
    capybara-screenshot (0.3)
      capybara (>= 1.0)
    capybara-webkit (0.12.1)
      capybara (>= 1.0.0, < 1.2)
      json
    childprocess (0.3.6)
      ffi (~> 1.0, >= 1.0.6)
    chunky_png (1.2.6)
    coderay (1.0.8)
    coffee-rails (3.2.2)
      coffee-script (>= 2.2.0)
      railties (~> 3.2.0)
    coffee-script (2.2.0)
      coffee-script-source
      execjs
    coffee-script-source (1.4.0)
    commonjs (0.2.6)
    compass (0.12.2)
      chunky_png (~> 1.2)
      fssm (>= 0.2.7)
      sass (~> 3.1)
    compass-rails (1.0.3)
      compass (>= 0.12.2, < 0.14)
    compass-susy-plugin (0.9)
      compass (>= 0.11.1)
    cucumber (1.2.1)
      builder (>= 2.1.2)
      diff-lcs (>= 1.1.3)
      gherkin (~> 2.11.0)
      json (>= 1.4.6)
    cucumber-rails (1.3.0)
      capybara (>= 1.1.2)
      cucumber (>= 1.1.8)
      nokogiri (>= 1.5.0)
    daemons (1.1.9)
    database_cleaner (0.9.1)
    deprecation (0.0.5)
      activesupport
    devise (2.1.2)
      bcrypt-ruby (~> 3.0)
      orm_adapter (~> 0.1)
      railties (~> 3.1)
      warden (~> 1.2.1)
    diff-lcs (1.1.3)
    equivalent-xml (0.3.0)
      nokogiri (>= 1.4.3)
    erubis (2.7.0)
    execjs (1.4.0)
      multi_json (~> 1.0)
    factory_girl (4.1.0)
      activesupport (>= 3.0.0)
    factory_girl_rails (4.1.0)
      factory_girl (~> 4.1.0)
      railties (>= 3.0.0)
    fastercsv (1.5.5)
    ffi (1.1.5)
    fssm (0.2.9)
    gherkin (2.11.5)
      json (>= 1.4.6)
    git (1.2.5)
    gyoku (0.4.6)
      builder (>= 2.1.2)
    hashie (1.2.0)
    headless (0.3.1)
    highline (1.6.15)
    hike (1.2.1)
    hooks (0.2.1)
    httpi (1.1.1)
      rack
    hydra-mods (0.0.6)
      active-fedora (> 4.1)
    i18n (0.6.1)
    jettywrapper (1.3.2)
      activesupport (>= 3.0.0)
      childprocess
      i18n
      logger
      mediashelf-loggable
    jeweler (1.8.4)
      bundler (~> 1.0)
      git (>= 1.2.5)
      rake
      rdoc
    journey (1.0.4)
    jquery-rails (2.1.3)
      railties (>= 3.1.0, < 5.0)
      thor (~> 0.14)
    json (1.7.5)
    kaminari (0.14.1)
      actionpack (>= 3.0.0)
      activesupport (>= 3.0.0)
    kgio (2.7.4)
    less (2.2.2)
      commonjs (~> 0.2.6)
    less-rails (2.2.5)
      actionpack (>= 3.1)
      less (~> 2.2.0)
    libv8 (3.3.10.4)
    libwebsocket (0.1.5)
      addressable
    logger (1.2.8)
    loofah (1.2.1)
      nokogiri (>= 1.4.4)
    mail (2.4.4)
      i18n (>= 0.4.0)
      mime-types (~> 1.16)
      treetop (~> 1.4.8)
    marc (0.5.0)
    mediashelf-loggable (0.4.9)
    method_source (0.8.1)
    mime-types (1.19)
    multi_json (1.3.6)
    multipart-post (1.1.5)
    net-http-digest_auth (1.2.1)
    net-ldap (0.2.2)
    net-scp (1.0.4)
      net-ssh (>= 1.99.1)
    net-sftp (2.0.5)
      net-ssh (>= 2.0.9)
    net-ssh (2.6.1)
    net-ssh-gateway (1.1.0)
      net-ssh (>= 1.99.1)
    nokogiri (1.5.5)
    nori (1.1.3)
    omniauth (1.1.1)
      hashie (~> 1.2)
      rack
    omniauth-identity (1.1.0)
      bcrypt-ruby (~> 3.0)
      omniauth (~> 1.0)
    omniauth-ldap (1.0.2)
      net-ldap (~> 0.2.2)
      omniauth (~> 1.0)
      pyu-ruby-sasl (~> 0.0.3.1)
      rubyntlm (~> 0.1.1)
    orm_adapter (0.4.0)
    polyglot (0.3.3)
    pry (0.9.10)
      coderay (~> 1.0.5)
      method_source (~> 0.8)
      slop (~> 3.3.1)
    pry-rails (0.2.2)
      pry (>= 0.9.10)
    pyu-ruby-sasl (0.0.3.3)
    rack (1.4.1)
    rack-cache (1.2)
      rack (>= 0.4)
    rack-ssl (1.3.2)
      rack
    rack-test (0.6.2)
      rack (>= 1.0)
    rails (3.2.8)
      actionmailer (= 3.2.8)
      actionpack (= 3.2.8)
      activerecord (= 3.2.8)
      activeresource (= 3.2.8)
      activesupport (= 3.2.8)
      bundler (~> 1.0)
      railties (= 3.2.8)
    railties (3.2.8)
      actionpack (= 3.2.8)
      activesupport (= 3.2.8)
      rack-ssl (~> 1.3.2)
      rake (>= 0.8.7)
      rdoc (~> 3.4)
      thor (>= 0.14.6, < 2.0)
    raindrops (0.10.0)
    rake (0.9.2.2)
    rdf (0.3.8)
      addressable (>= 2.2.6)
    rdf-rdfxml (0.3.8)
      rdf (>= 0.3.4)
      rdf-xsd (>= 0.3.5)
    rdf-xsd (0.3.8)
      rdf (>= 0.3.4)
    rdoc (3.12)
      json (~> 1.4)
    rest-client (1.6.7)
      mime-types (>= 1.16)
    rsolr (1.0.8)
      builder (>= 2.1.2)
    rsolr-ext (1.0.3)
      rsolr (>= 1.0.2)
    rspec (2.11.0)
      rspec-core (~> 2.11.0)
      rspec-expectations (~> 2.11.0)
      rspec-mocks (~> 2.11.0)
    rspec-core (2.11.1)
    rspec-expectations (2.11.3)
      diff-lcs (~> 1.1.3)
    rspec-mocks (2.11.3)
    rspec-rails (2.11.4)
      actionpack (>= 3.0)
      activesupport (>= 3.0)
      railties (>= 3.0)
      rspec (~> 2.11.0)
    rspec_junit_formatter (0.1.2)
      builder
      rspec (~> 2.0)
    rubydora (0.5.13)
      activemodel
      activesupport
      deprecation
      fastercsv
      hooks
      mime-types
      nokogiri
      rest-client
      savon
    rubyntlm (0.1.1)
    rubyzip (0.9.9)
    rvm-capistrano (1.2.7)
      capistrano (>= 2.0.0)
    sanitize (2.0.3)
      nokogiri (>= 1.4.4, < 1.6)
    sass (3.2.1)
    sass-rails (3.2.5)
      railties (~> 3.2.0)
      sass (>= 3.1.10)
      tilt (~> 1.3)
    savon (1.2.0)
      akami (~> 1.2.0)
      builder (>= 2.1.2)
      gyoku (~> 0.4.5)
      httpi (~> 1.1.0)
      nokogiri (>= 1.4.0)
      nori (~> 1.1.0)
      wasabi (~> 2.5.0)
    selenium-webdriver (2.25.0)
      childprocess (>= 0.2.5)
      libwebsocket (~> 0.1.3)
      multi_json (~> 1.0)
      rubyzip
    simplecov (0.7.1)
      multi_json (~> 1.0)
      simplecov-html (~> 0.7.1)
    simplecov-html (0.7.1)
    slop (3.3.3)
    solrizer (2.0.0.rc3)
      daemons
      mediashelf-loggable (~> 0.4.7)
      nokogiri
      om (>= 1.5.0)
      stomp
      xml-simple
    sprockets (2.1.3)
      hike (~> 1.2)
      rack (~> 1.0)
      tilt (~> 1.1, != 1.3.0)
    sqlite3 (1.3.6)
    stomp (1.2.6)
    therubyracer (0.10.2)
      libv8 (~> 3.3.10)
    thor (0.16.0)
    tilt (1.3.3)
    treetop (1.4.12)
      polyglot
      polyglot (>= 0.3.1)
    twitter-bootstrap-rails (2.1.4)
      actionpack (>= 3.1)
      less-rails (~> 2.2.3)
      railties (>= 3.1)
      therubyracer (>= 0.10.2)
    tzinfo (0.3.34)
    uglifier (1.3.0)
      execjs (>= 0.3.0)
      multi_json (~> 1.0, >= 1.0.2)
    unicode (0.4.3)
    unicorn (4.4.0)
      kgio (~> 2.6)
      rack
      raindrops (~> 0.7)
    unicorn-rails (0.0.1)
      rack
      unicorn
    validates_email_format_of (1.5.3)
    viewcumber (0.3.1)
      capybara (>= 0.3)
      cucumber (>= 1.1.4)
      jeweler
      viewcumber
    warden (1.2.1)
      rack (>= 1.0)
    wasabi (2.5.1)
      httpi (~> 1.0)
      nokogiri (>= 1.4.0)
    xml-simple (1.1.2)
    xpath (0.1.4)
      nokogiri (~> 1.3)

PLATFORMS
  ruby

DEPENDENCIES
  activerecord-jdbcsqlite3-adapter
  blacklight!
  bootstrap-sass
  builder (~> 3.0.0)
  capistrano (~> 2.12.0)
  capistrano-unicorn
  capybara-screenshot
  capybara-webkit
  coffee-rails (~> 3.2.1)
  compass-rails (~> 1.0.0)
  compass-susy-plugin (~> 0.9.0)
  cucumber-rails (>= 1.2.0)
  database_cleaner
  devise
  execjs
  factory_girl_rails
  felixwrapper!
  headless
  hydra-file-access!
  hydra-head!
  hydrant-engage!
  jdbc-sqlite3
  jettywrapper
  jquery-rails
  jruby-openssl
  loofah
  mime-types (>= 1.1)
  om!
  omniauth-cas!
  omniauth-identity
  omniauth-ldap
  pry
  pry-rails
  rails (~> 3.2.3)
  red5wrapper!
  rspec-rails (>= 2.9.0)
  rspec_junit_formatter
  rubyhorn!
  rvm-capistrano
  sass-rails (~> 3.2.3)
  simplecov
  sqlite3
  therubyracer (= 0.10.2)
  therubyrhino
  twitter-bootstrap-rails (~> 2.0)
  twitter_bootstrap_form_for!
  uglifier (>= 1.0.3)
  unicorn-rails
  validates_email_format_of
  viewcumber
